GEM
  remote: https://rubygems.org/
  specs:
    bson (4.1.1)
    coderay (1.1.1)
    json (2.0.2)
    method_source (0.8.2)
    mongo (2.3.1)
      bson (~> 4.1)
    pry (0.10.4)
      coderay (~> 1.1.0)
      method_source (~> 0.8.1)
      slop (~> 3.4)
    slop (3.6.0)

PLATFORMS
  ruby

DEPENDENCIES
  json
  mongo
  pry

BUNDLED WITH
   1.11.2
